GEM
  remote: https://rubygems.org/
  specs:
    activesupport (3.2.22.5)
      i18n (~> 0.6, >= 0.6.4)
      multi_json (~> 1.0)
    chunky_png (1.3.1)
    concurrent-ruby (1.1.10)
    faraday (0.9.0)
      multipart-post (>= 1.2, < 3)
    google_drive (0.3.9)
      nokogiri (>= 1.4.4, != 1.5.2, != 1.5.1)
      oauth (>= 0.3.6)
      oauth2 (>= 0.5.0)
    hashie (2.1.2)
    i18n (0.9.5)
      concurrent-ruby (~> 1.0)
    jwt (1.0.0)
    mini_portile (0.6.0)
    multi_json (1.15.0)
    multi_xml (0.5.5)
    multipart-post (2.0.0)
    nokogiri (1.6.2.1)
      mini_portile (= 0.6.0)
    oauth (0.4.7)
    oauth2 (0.9.4)
      faraday (>= 0.8, < 0.10)
      jwt (~> 1.0)
      multi_json (~> 1.3)
      multi_xml (~> 0.5)
      rack (~> 1.2)
    psd (3.1.2)
      activesupport (~> 3.2.7)
      chunky_png
      psd-enginedata (~> 1.0)
      rake
    psd-enginedata (1.1.0)
      hashie (~> 2.0)
    rack (1.5.2)
    rack-protection (1.5.3)
      rack
    rake (10.3.2)
    sinatra (1.4.5)
      rack (~> 1.4)
      rack-protection (~> 1.4)
      tilt (~> 1.3, >= 1.3.4)
    sixarm_ruby_magic_number_type (2.0.0)
    tilt (1.4.1)

PLATFORMS
  ruby

DEPENDENCIES
  google_drive
  oauth2
  psd
  sinatra
  sixarm_ruby_magic_number_type
